GEM
  remote: https://rubygems.org/
  specs:
    diff-lcs (1.2.5)
    kgio (2.9.2)
    mathematical (0.5.0)
    mina (0.3.1)
      open4 (~> 1.3.4)
      rake
    mina-unicorn (0.0.3)
    open4 (1.3.4)
    rack (1.6.0)
    rack-protection (1.5.3)
      rack
    rack-ssl-enforcer (0.2.8)
    rack-test (0.6.2)
      rack (>= 1.0)
    raindrops (0.13.0)
    rake (10.4.2)
    rspec (3.1.0)
      rspec-core (~> 3.1.0)
      rspec-expectations (~> 3.1.0)
      rspec-mocks (~> 3.1.0)
    rspec-core (3.1.7)
      rspec-support (~> 3.1.0)
    rspec-expectations (3.1.2)
      diff-lcs (>= 1.2.0, < 2.0)
      rspec-support (~> 3.1.0)
    rspec-mocks (3.1.3)
      rspec-support (~> 3.1.0)
    rspec-support (3.1.2)
    shotgun (0.9)
      rack (>= 1.0)
    sinatra (1.4.5)
      rack (~> 1.4)
      rack-protection (~> 1.4)
      tilt (~> 1.3, >= 1.3.4)
    tilt (1.4.1)
    unicorn (4.8.3)
      kgio (~> 2.6)
      rack
      raindrops (~> 0.7)

PLATFORMS
  ruby

DEPENDENCIES
  mathematical (= 0.5.0)
  mina
  mina-unicorn
  rack-ssl-enforcer
  rack-test
  rake
  rspec
  shotgun
  sinatra
  unicorn
